GEM
  remote: https://rubygems.org/
  specs:
    bitbucket_rest_api (0.1.7)
      faraday (~> 0.9.0)
      faraday_middleware (~> 0.9.0)
      hashie
      multi_json (>= 1.7.5, < 2.0)
      nokogiri (>= 1.5.2)
      simple_oauth
    dotenv (2.8.1)
    faraday (0.9.2)
      multipart-post (>= 1.2, < 3)
    faraday_middleware (0.9.2)
      faraday (>= 0.7.4, < 0.10)
    hashie (5.0.0)
    multi_json (1.15.0)
    multipart-post (2.2.3)
    nokogiri (1.13.8-x86_64-linux)
      racc (~> 1.4)
    racc (1.6.0)
    simple_oauth (0.3.1)

PLATFORMS
  x86_64-linux

DEPENDENCIES
  bitbucket_rest_api
  dotenv

BUNDLED WITH
   2.3.7
